GEM
  remote: https://rubygems.org/
  specs:
    httparty (0.15.7)
      multi_xml (>= 0.5.2)
    mini_portile2 (2.3.0)
    multi_xml (0.6.0)
    nokogiri (1.8.2)
      mini_portile2 (~> 2.3.0)

PLATFORMS
  ruby

DEPENDENCIES
  httparty (~> 0.15.6)
  nokogiri

RUBY VERSION
   ruby 2.5.0p0

BUNDLED WITH
   1.16.1
